GIT
  remote: https://github.com/flaminestone/palladium.git
  revision: cf36ed451f0d525f9053aed681f4f3e6831c59f2
  specs:
    palladium (0.3.4)

GIT
  remote: https://github.com/onlyoffice-testing-robot/onlyoffice_s3_wrapper
  revision: 68fe0b5900b5754832dd3e983a69d17659b01109
  specs:
    onlyoffice_s3_wrapper (0.1.2)
      aws-sdk-s3 (~> 1)
      onlyoffice_file_helper (~> 0.1)

GIT
  remote: https://github.com/onlyoffice-testing-robot/onlyoffice_tcm_helper
  revision: 24d8daebd8102bc443ef31dd3a42a471e2e21c43
  specs:
    onlyoffice_tcm_helper (0.1.1)
      onlyoffice_file_helper (~> 0.1)

GEM
  remote: https://rubygems.org/
  specs:
    ast (2.4.1)
    aws-eventstream (1.0.3)
    aws-partitions (1.279.0)
    aws-sdk-core (3.90.1)
      aws-eventstream (~> 1.0, >= 1.0.2)
      aws-partitions (~> 1, >= 1.239.0)
      aws-sigv4 (~> 1.1)
      jmespath (~> 1.0)
    aws-sdk-kms (1.29.0)
      aws-sdk-core (~> 3, >= 3.71.0)
      aws-sigv4 (~> 1.1)
    aws-sdk-s3 (1.60.2)
      aws-sdk-core (~> 3, >= 3.83.0)
      aws-sdk-kms (~> 1)
      aws-sigv4 (~> 1.1)
    aws-sigv4 (1.1.1)
      aws-eventstream (~> 1.0, >= 1.0.2)
    diff-lcs (1.3)
    jmespath (1.4.0)
    mini_portile2 (2.4.0)
    nokogiri (1.10.10)
      mini_portile2 (~> 2.4.0)
    onlyoffice_file_helper (0.1.0)
      onlyoffice_logger_helper (~> 1)
      rubyzip (~> 1.0)
    onlyoffice_logger_helper (1.0.3)
    ooxml_parser (0.8.1)
      nokogiri (~> 1.6)
      ruby-filemagic (~> 0.1)
      rubyzip (>= 1.1, < 3.0)
    parallel (1.19.2)
    parser (2.7.1.4)
      ast (~> 2.4.1)
    rainbow (3.0.0)
    rake (13.0.1)
    regexp_parser (1.7.1)
    rexml (3.2.4)
    rspec (3.9.0)
      rspec-core (~> 3.9.0)
      rspec-expectations (~> 3.9.0)
      rspec-mocks (~> 3.9.0)
    rspec-core (3.9.0)
      rspec-support (~> 3.9.0)
    rspec-expectations (3.9.0)
      diff-lcs (>= 1.2.0, < 2.0)
      rspec-support (~> 3.9.0)
    rspec-mocks (3.9.0)
      diff-lcs (>= 1.2.0, < 2.0)
      rspec-support (~> 3.9.0)
    rspec-support (3.9.0)
    rubocop (0.89.1)
      parallel (~> 1.10)
      parser (>= 2.7.1.1)
      rainbow (>= 2.2.2, < 4.0)
      regexp_parser (>= 1.7)
      rexml
      rubocop-ast (>= 0.3.0, < 1.0)
      ruby-progressbar (~> 1.7)
      unicode-display_width (>= 1.4.0, < 2.0)
    rubocop-ast (0.3.0)
      parser (>= 2.7.1.4)
    ruby-filemagic (0.7.2)
    ruby-progressbar (1.10.1)
    rubyzip (1.3.0)
    unicode-display_width (1.7.0)

PLATFORMS
  ruby

DEPENDENCIES
  onlyoffice_logger_helper
  onlyoffice_s3_wrapper!
  onlyoffice_tcm_helper!
  ooxml_parser
  palladium!
  rake
  rspec
  rubocop

BUNDLED WITH
   2.1.4
