GIT
  remote: https://github.com/ONLYOFFICE/ooxml_parser
  revision: 08452315cde52fa94d8cb3e1eff1db4ea33abc88
  specs:
    ooxml_parser (0.4.1)
      nokogiri (~> 1.6)
      ruby-filemagic (~> 0.1)
      rubyzip (~> 1.1)

GIT
  remote: https://github.com/flaminestone/palladium.git
  revision: cf36ed451f0d525f9053aed681f4f3e6831c59f2
  specs:
    palladium (0.3.4)

GIT
  remote: https://github.com/onlyoffice-testing-robot/onlyoffice_logger_helper.git
  revision: 6719da93effe6152454f84ea1a3f7d95437d604b
  specs:
    onlyoffice_logger_helper (1.0.1)

GIT
  remote: https://github.com/onlyoffice-testing-robot/onlyoffice_s3_wrapper
  revision: 9d5d9d84094f36f23089296d034baf06f5fc78b3
  specs:
    onlyoffice_s3_wrapper (0.1.1)
      aws-sdk (~> 2.0)
      onlyoffice_file_helper (~> 0.1)

GIT
  remote: https://github.com/onlyoffice-testing-robot/onlyoffice_tcm_helper
  revision: 24d8daebd8102bc443ef31dd3a42a471e2e21c43
  specs:
    onlyoffice_tcm_helper (0.1.1)
      onlyoffice_file_helper (~> 0.1)

GEM
  remote: https://rubygems.org/
  specs:
    ast (2.4.0)
    aws-eventstream (1.0.2)
    aws-sdk (2.11.260)
      aws-sdk-resources (= 2.11.260)
    aws-sdk-core (2.11.260)
      aws-sigv4 (~> 1.0)
      jmespath (~> 1.0)
    aws-sdk-resources (2.11.260)
      aws-sdk-core (= 2.11.260)
    aws-sigv4 (1.1.0)
      aws-eventstream (~> 1.0, >= 1.0.2)
    diff-lcs (1.3)
    jaro_winkler (1.5.2)
    jmespath (1.4.0)
    mini_portile2 (2.4.0)
    nokogiri (1.10.2)
      mini_portile2 (~> 2.4.0)
    onlyoffice_file_helper (0.1.0)
      onlyoffice_logger_helper (~> 1)
      rubyzip (~> 1.0)
    parallel (1.17.0)
    parser (2.6.2.1)
      ast (~> 2.4.0)
    psych (3.1.0)
    rainbow (3.0.0)
    rake (12.3.2)
    rspec (3.8.0)
      rspec-core (~> 3.8.0)
      rspec-expectations (~> 3.8.0)
      rspec-mocks (~> 3.8.0)
    rspec-core (3.8.0)
      rspec-support (~> 3.8.0)
    rspec-expectations (3.8.2)
      diff-lcs (>= 1.2.0, < 2.0)
      rspec-support (~> 3.8.0)
    rspec-mocks (3.8.0)
      diff-lcs (>= 1.2.0, < 2.0)
      rspec-support (~> 3.8.0)
    rspec-support (3.8.0)
    rubocop (0.67.2)
      jaro_winkler (~> 1.5.1)
      parallel (~> 1.10)
      parser (>= 2.5, != 2.5.1.1)
      psych (>= 3.1.0)
      rainbow (>= 2.2.2, < 4.0)
      ruby-progressbar (~> 1.7)
      unicode-display_width (>= 1.4.0, < 1.6)
    ruby-filemagic (0.7.2)
    ruby-progressbar (1.10.0)
    rubyzip (1.2.2)
    unicode-display_width (1.5.0)

PLATFORMS
  ruby

DEPENDENCIES
  onlyoffice_logger_helper!
  onlyoffice_s3_wrapper!
  onlyoffice_tcm_helper!
  ooxml_parser!
  palladium!
  rake
  rspec
  rubocop

BUNDLED WITH
   2.0.1
