GIT
  remote: https://github.com/ONLYOFFICE/ooxml_parser
  revision: 29a070a76732bb8e136656097e7230ca767388cd
  specs:
    ooxml_parser (0.4.1)
      nokogiri (~> 1.6)
      ruby-filemagic (~> 0.1)
      rubyzip (>= 1.1, < 3.0)

GIT
  remote: https://github.com/flaminestone/palladium.git
  revision: cf36ed451f0d525f9053aed681f4f3e6831c59f2
  specs:
    palladium (0.3.4)

GIT
  remote: https://github.com/onlyoffice-testing-robot/onlyoffice_logger_helper.git
  revision: 6719da93effe6152454f84ea1a3f7d95437d604b
  specs:
    onlyoffice_logger_helper (1.0.1)

GIT
  remote: https://github.com/onlyoffice-testing-robot/onlyoffice_s3_wrapper
  revision: 6175cf64d3f5aa1fa658b1ec667a682a2d5b6f47
  specs:
    onlyoffice_s3_wrapper (0.1.1)
      aws-sdk-s3 (~> 1)
      onlyoffice_file_helper (~> 0.1)

GIT
  remote: https://github.com/onlyoffice-testing-robot/onlyoffice_tcm_helper
  revision: 24d8daebd8102bc443ef31dd3a42a471e2e21c43
  specs:
    onlyoffice_tcm_helper (0.1.1)
      onlyoffice_file_helper (~> 0.1)

GEM
  remote: https://rubygems.org/
  specs:
    ast (2.4.0)
    aws-eventstream (1.0.3)
    aws-partitions (1.178.0)
    aws-sdk-core (3.56.0)
      aws-eventstream (~> 1.0, >= 1.0.2)
      aws-partitions (~> 1.0)
      aws-sigv4 (~> 1.1)
      jmespath (~> 1.0)
    aws-sdk-kms (1.22.0)
      aws-sdk-core (~> 3, >= 3.56.0)
      aws-sigv4 (~> 1.1)
    aws-sdk-s3 (1.43.0)
      aws-sdk-core (~> 3, >= 3.56.0)
      aws-sdk-kms (~> 1)
      aws-sigv4 (~> 1.1)
    aws-sigv4 (1.1.0)
      aws-eventstream (~> 1.0, >= 1.0.2)
    diff-lcs (1.3)
    jaro_winkler (1.5.3)
    jmespath (1.4.0)
    mini_portile2 (2.4.0)
    nokogiri (1.10.4)
      mini_portile2 (~> 2.4.0)
    onlyoffice_file_helper (0.1.0)
      onlyoffice_logger_helper (~> 1)
      rubyzip (~> 1.0)
    parallel (1.17.0)
    parser (2.6.4.1)
      ast (~> 2.4.0)
    rainbow (3.0.0)
    rake (13.0.0)
    rspec (3.8.0)
      rspec-core (~> 3.8.0)
      rspec-expectations (~> 3.8.0)
      rspec-mocks (~> 3.8.0)
    rspec-core (3.8.0)
      rspec-support (~> 3.8.0)
    rspec-expectations (3.8.2)
      diff-lcs (>= 1.2.0, < 2.0)
      rspec-support (~> 3.8.0)
    rspec-mocks (3.8.0)
      diff-lcs (>= 1.2.0, < 2.0)
      rspec-support (~> 3.8.0)
    rspec-support (3.8.0)
    rubocop (0.75.0)
      jaro_winkler (~> 1.5.1)
      parallel (~> 1.10)
      parser (>= 2.6)
      rainbow (>= 2.2.2, < 4.0)
      ruby-progressbar (~> 1.7)
      unicode-display_width (>= 1.4.0, < 1.7)
    ruby-filemagic (0.7.2)
    ruby-progressbar (1.10.1)
    rubyzip (1.3.0)
    unicode-display_width (1.6.0)

PLATFORMS
  ruby

DEPENDENCIES
  onlyoffice_logger_helper!
  onlyoffice_s3_wrapper!
  onlyoffice_tcm_helper!
  ooxml_parser!
  palladium!
  rake
  rspec
  rubocop

BUNDLED WITH
   2.0.1
